GEM
  remote: http://ruby.taobao.org/
  specs:
    byebug (4.0.5)
      columnize (= 0.9.0)
    columnize (0.9.0)
    rack (1.6.1)
    rack-protection (1.5.3)
      rack
    redcarpet (3.2.3)
    redis (3.0.4)
    shotgun (0.9.1)
      rack (>= 1.0)
    sinatra (1.4.6)
      rack (~> 1.4)
      rack-protection (~> 1.4)
      tilt (>= 1.3, < 3)
    tilt (2.0.1)

PLATFORMS
  ruby

DEPENDENCIES
  byebug
  redcarpet
  redis
  shotgun
  sinatra
